GEM
  remote: https://rubygems.org/
  specs:
    clamp (0.6.3)

PLATFORMS
  ruby

DEPENDENCIES
  clamp
